GEM
  remote: https://rubygems.org/
  specs:
    git (1.7.0)
      rchardet (~> 1.8)
    rchardet (1.8.0)

PLATFORMS
  ruby

DEPENDENCIES
  git

RUBY VERSION
   ruby 2.7.1p83

BUNDLED WITH
   2.1.4
